GIT
  remote: git://github.com/radiohead/knn.git
  revision: 37bf3880b5b330163c814383be97ba888ceb12cb
  specs:
    knn (0.2.3)
      descriptive_statistics (~> 2.5)

GEM
  remote: https://rubygems.org/
  specs:
    descriptive_statistics (2.5.1)

PLATFORMS
  ruby

DEPENDENCIES
  knn!

BUNDLED WITH
   1.10.6
