GIT
  remote: git://github.com/radiohead/knn.git
  revision: 19854886cf5a5d42bb9957e41cadaa48c3dd4a3e
  specs:
    knn (0.3.0)
      descriptive_statistics (~> 2.5)

GEM
  remote: https://rubygems.org/
  specs:
    descriptive_statistics (2.5.1)

PLATFORMS
  ruby

DEPENDENCIES
  knn!

BUNDLED WITH
   1.10.6
